GEM
  remote: https://rubygems.org/
  specs:
    concurrent-ruby (1.0.5)
    i18n (1.0.1)
      concurrent-ruby (~> 1.0)
    minitest (5.11.3)
    money (6.11.3)
      i18n (>= 0.6.4, < 1.1)
    prometheus-client (0.8.0)
      quantile (~> 0.2.1)
    quantile (0.2.1)
    rack (2.0.5)

PLATFORMS
  ruby

DEPENDENCIES
  minitest!
  money!
  prometheus-client!
  rack!

BUNDLED WITH
   1.16.1
