GEM
  remote: https://rubygems.org/
  specs:
    minitest (5.11.3)
    prometheus-client (0.8.0)
      quantile (~> 0.2.1)
    quantile (0.2.1)
    rack (2.0.5)

PLATFORMS
  ruby

DEPENDENCIES
  minitest!
  prometheus-client!
  rack!

RUBY VERSION
   ruby 2.4.1p111

BUNDLED WITH
   1.16.1
